GEM
  remote: http://rubygems.org/
  specs:
    archive-tar-minitar (0.5.2)
    childprocess (0.3.5)
      ffi (~> 1.0, >= 1.0.6)
    erubis (2.7.0)
    facter (1.6.10)
    fattr (2.2.1)
    ffi (1.1.5)
    git (1.2.5)
    highline (1.6.13)
    i18n (0.6.0)
    json (1.5.4)
    log4r (1.1.10)
    net-scp (1.0.4)
      net-ssh (>= 1.99.1)
    net-ssh (2.2.2)
    puppet (2.7.18)
      facter (~> 1.5)
    rake (0.9.2.2)
    rvm (1.11.3.5)
    rvm-with (0.9.0)
      session (~> 3.0)
    session (3.1.0)
      fattr
    vagrant (1.0.3)
      archive-tar-minitar (= 0.5.2)
      childprocess (~> 0.3.1)
      erubis (~> 2.7.0)
      i18n (~> 0.6.0)
      json (~> 1.5.1)
      log4r (~> 1.1.9)
      net-scp (~> 1.0.4)
      net-ssh (~> 2.2.2)

PLATFORMS
  ruby

DEPENDENCIES
  git
  highline
  puppet
  rake
  rvm
  rvm-with
  vagrant
